GEM
  remote: https://rubygems.org/
  specs:
    digest (3.1.0)
    ffi (1.15.5)
    listen (3.7.1)
      rb-fsevent (~> 0.10, >= 0.10.3)
      rb-inotify (~> 0.9, >= 0.9.10)
    mustermann (1.1.1)
      ruby2_keywords (~> 0.0.1)
    net-imap (0.2.3)
      digest
      net-protocol
      strscan
    net-pop (0.1.1)
      digest
      net-protocol
      timeout
    net-protocol (0.1.3)
      timeout
    net-smtp (0.3.1)
      digest
      net-protocol
      timeout
    rack (2.2.3)
    rack-protection (2.0.3)
      rack
    rb-fsevent (0.11.1)
    rb-inotify (0.10.1)
      ffi (~> 1.0)
    rerun (0.13.0)
      listen (~> 3.0)
    ruby2_keywords (0.0.5)
    sinatra (2.0.3)
      mustermann (~> 1.0)
      rack (~> 2.0)
      rack-protection (= 2.0.3)
      tilt (~> 2.0)
    strscan (3.0.1)
    tilt (2.0.10)
    timeout (0.2.0)

PLATFORMS
  x86_64-linux

DEPENDENCIES
  net-imap
  net-pop
  net-smtp
  rerun (= 0.13.0)
  sinatra (= 2.0.3)

BUNDLED WITH
   2.3.12
